GEM
  remote: http://rubygems.org/
  specs:
    activesupport (3.2.1)
      i18n (~> 0.6)
      multi_json (~> 1.0)
    addressable (2.2.7)
    faraday (0.7.6)
      addressable (~> 2.2)
      multipart-post (~> 1.1)
      rack (~> 1.1)
    foreman (0.40.0)
      term-ansicolor (~> 1.0.7)
      thor (>= 0.13.6)
    hashie (1.2.0)
    i18n (0.6.0)
    kgio (2.7.2)
    multi_json (1.1.0)
    multipart-post (1.1.5)
    oauth (0.4.5)
    omniauth (1.0.2)
      hashie (~> 1.2)
      rack
    omniauth-oauth (1.0.0)
      oauth
      omniauth (~> 1.0)
    omniauth-twitter (0.0.8)
      omniauth-oauth (~> 1.0)
    rack (1.3.6)
    rack-protection (1.2.0)
      rack
    raindrops (0.8.0)
    simple_oauth (0.1.5)
    sinatra (1.3.2)
      rack (~> 1.3, >= 1.3.6)
      rack-protection (~> 1.2)
      tilt (~> 1.3, >= 1.3.3)
    term-ansicolor (1.0.7)
    thor (0.14.6)
    tilt (1.3.3)
    twitter (2.1.0)
      activesupport (>= 2.3.9, < 4)
      faraday (~> 0.7)
      multi_json (~> 1.0)
      simple_oauth (~> 0.1)
    unicorn (4.2.0)
      kgio (~> 2.6)
      rack
      raindrops (~> 0.7)

PLATFORMS
  ruby

DEPENDENCIES
  foreman
  omniauth
  omniauth-twitter
  rack (~> 1.3.0)
  sinatra
  twitter
  unicorn
